GEM
  remote: http://rubygems.org/
  specs:
    addressable (2.4.0)
    crack (0.4.3)
      safe_yaml (~> 1.0.0)
    hashdiff (0.2.3)
    netrc (0.7.9)
    rest_client (1.8.3)
      netrc (~> 0.7.7)
    safe_yaml (1.0.4)
    webmock (1.22.6)
      addressable (>= 2.3.6)
      crack (>= 0.3.2)
      hashdiff

PLATFORMS
  ruby

DEPENDENCIES
  rest_client (~> 1.7)
  webmock (~> 1.18)

BUNDLED WITH
   1.11.2
